GEM
  remote: https://rubygems.org/
  specs:
    rouge (1.11.1)

PLATFORMS
  ruby

DEPENDENCIES
  rouge

BUNDLED WITH
   1.13.6
